GIT
  remote: https://github.com/jiren/slanger.git
  revision: 4af54ca555140f579c3a95ca26f83a5635cdab02
  specs:
    slanger (0.3.7)
      activesupport (~> 4.0.1)
      em-hiredis (~> 0.2.1)
      em-http-request (~> 1.0.3)
      em-websocket (~> 0.5.0)
      eventmachine (~> 1.0.3)
      glamazon (~> 0.3.1)
      rack (~> 1.5.2)
      rack-fiber_pool (~> 0.9.3)
      signature (~> 0.1.7)
      sinatra (~> 1.4.4)
      thin (~> 1.6.1)

GEM
  remote: http://rubygems.org/
  specs:
    activesupport (4.0.13)
      i18n (~> 0.6, >= 0.6.9)
      minitest (~> 4.2)
      multi_json (~> 1.3)
      thread_safe (~> 0.1)
      tzinfo (~> 0.3.37)
    addressable (2.3.7)
    cookiejar (0.3.2)
    daemons (1.2.2)
    em-hiredis (0.2.1)
      hiredis (~> 0.4.0)
    em-http-request (1.0.3)
      addressable (>= 2.2.3)
      cookiejar
      em-socksify
      eventmachine (>= 1.0.0.beta.4)
      http_parser.rb (>= 0.5.3)
    em-socksify (0.3.0)
      eventmachine (>= 1.0.0.beta.4)
    em-websocket (0.5.1)
      eventmachine (>= 0.12.9)
      http_parser.rb (~> 0.6.0)
    eventmachine (1.0.7)
    glamazon (0.3.1)
      activesupport (>= 3.1.0)
      i18n (~> 0.6.0)
      yajl-ruby (>= 0.7.7)
    hiredis (0.4.5)
    http_parser.rb (0.6.0)
    i18n (0.6.11)
    minitest (4.7.5)
    multi_json (1.11.0)
    rack (1.5.2)
    rack-fiber_pool (0.9.3)
    rack-protection (1.5.3)
      rack
    signature (0.1.8)
    sinatra (1.4.6)
      rack (~> 1.4)
      rack-protection (~> 1.4)
      tilt (>= 1.3, < 3)
    thin (1.6.3)
      daemons (~> 1.0, >= 1.0.9)
      eventmachine (~> 1.0)
      rack (~> 1.0)
    thread_safe (0.3.5)
    tilt (2.0.1)
    tzinfo (0.3.43)
    yajl-ruby (1.2.1)

PLATFORMS
  ruby

DEPENDENCIES
  slanger!
